GEM
  remote: http://rubygems.org/
  specs:
    activesupport (3.2.13)
      i18n (= 0.6.1)
      multi_json (~> 1.0)
    daemons (1.1.9)
    eventmachine (1.0.3)
    i18n (0.6.1)
    multi_json (1.7.7)
    newrelic_rpm (3.6.3.111)
    r18n-core (1.1.5)
    rack (1.5.2)
    rack-protection (1.5.0)
      rack
    rack-rewrite (1.3.3)
    sass (3.2.9)
    shotgun (0.9)
      rack (>= 1.0)
    sinatra (1.4.3)
      rack (~> 1.4)
      rack-protection (~> 1.4)
      tilt (~> 1.3, >= 1.3.4)
    sinatra-r18n (1.1.5)
      r18n-core (= 1.1.5)
      sinatra (>= 1.3)
    thin (1.5.1)
      daemons (>= 1.0.9)
      eventmachine (>= 0.12.6)
      rack (>= 1.0.0)
    tilt (1.4.1)

PLATFORMS
  ruby

DEPENDENCIES
  activesupport
  newrelic_rpm
  rack-rewrite
  sass
  shotgun
  sinatra
  sinatra-r18n
  thin
