GEM
  remote: http://rubygems.org/
  specs:
    activesupport (3.2.12)
      i18n (~> 0.6)
      multi_json (~> 1.0)
    daemons (1.1.9)
    eventmachine (1.0.0)
    i18n (0.6.1)
    multi_json (1.6.0)
    newrelic_rpm (3.5.6.46)
    rack (1.5.2)
    rack-protection (1.3.2)
      rack
    rack-rewrite (1.3.3)
    sass (3.2.5)
    shotgun (0.9)
      rack (>= 1.0)
    sinatra (1.3.4)
      rack (~> 1.4)
      rack-protection (~> 1.3)
      tilt (~> 1.3, >= 1.3.3)
    thin (1.5.0)
      daemons (>= 1.0.9)
      eventmachine (>= 0.12.6)
      rack (>= 1.0.0)
    tilt (1.3.3)

PLATFORMS
  ruby

DEPENDENCIES
  activesupport
  newrelic_rpm
  rack-rewrite
  sass
  shotgun
  sinatra
  thin
